GEM
  remote: https://rubygems.org/
  specs:
    haml (4.0.3)
      tilt
    newrelic_rpm (3.6.3.111)
    rack (1.5.2)
    rack-protection (1.5.0)
      rack
    redcarpet (2.3.0)
    sinatra (1.4.3)
      rack (~> 1.4)
      rack-protection (~> 1.4)
      tilt (~> 1.3, >= 1.3.4)
    tilt (1.4.1)

PLATFORMS
  ruby

DEPENDENCIES
  haml (= 4.0.3)
  newrelic_rpm
  redcarpet
  sinatra (= 1.4.3)
